GIT
  remote: git://github.com/astro/utf8cleaner.git
  revision: 9e3a081c2a7b7bb8e0aff59f34265131e192d794
  specs:
    utf8cleaner (0.0.1)

GIT
  remote: git://github.com/sibanand-cis/booking_box.git
  revision: d37cbeffb281a95cc743397c723bf13ded579eda
  specs:
    spree_booking (1.3.1)
      spree_core (~> 1.3.1)

GIT
  remote: git://github.com/sibanand-cis/spree_available_space.git
  revision: 666dd74123b61a3a3bea9954cfec09fe2301c665
  specs:
    spree_available_space (1.3.1)
      spree_core (~> 1.3.1)

GIT
  remote: git://github.com/sibanand-cis/spree_form_language.git
  revision: b52c75303faef58214c550c38ee059f0bb21b039
  specs:
    spree_form_language (1.3.1)
      spree_core (~> 1.3.1)

GIT
  remote: git://github.com/sibanand-cis/spree_multi_lingual.git
  revision: 6d332ef67094da4cbcdffbafc4ded9dc1da9487f
  branch: 1-3-stable
  specs:
    spree_multi_lingual (1.0.0)
      coffee-rails
      easy_globalize3_accessors
      globalize3 (= 0.2.0)
      i18n
      rack-contrib
      routing-filter (~> 0.3.1)
      spree_core (~> 1.3)

GIT
  remote: git://github.com/sibanand-cis/spree_ordersetting.git
  revision: e1d671e6be3d9f3d381182b60007853bdd35e8f3
  specs:
    spree_ordersetting (1.3.1)
      spree_core (~> 1.3.1)

GIT
  remote: git://github.com/sibanand-cis/spree_static_content.git
  revision: 7eebaee021138afdf0f7334f59afcbd3903fd62a
  specs:
    spree_static_content (1.1.0.beta)
      spree_core (~> 1.3.0)

GIT
  remote: git://github.com/spree/spree_auth_devise.git
  revision: 78342b5fa7c5a378d5c2283bde654d9e140077fb
  branch: 1-3-stable
  specs:
    spree_auth_devise (1.0.0)
      cancan (~> 1.6.7)
      devise (~> 2.2.3)
      devise-encryptable (= 0.1.1)
      spree_core

GIT
  remote: git://github.com/spree/spree_gateway.git
  revision: 7f28e94719ffbea66974f4ef1975213816817729
  branch: 1-3-stable
  specs:
    spree_gateway (1.2.0.rc2)
      savon
      spree_core (~> 1.0)

GIT
  remote: git://github.com/spree/spree_i18n.git
  revision: b532ef2c73eca1fc9cfe1e736fe73ceb4148934a
  specs:
    spree_i18n (1.0.0)
      i18n (~> 0.6)
      rails-i18n
      spree_core

GEM
  remote: https://rubygems.org/
  specs:
    actionmailer (3.2.11)
      actionpack (= 3.2.11)
      mail (~> 2.4.4)
    actionpack (3.2.11)
      activemodel (= 3.2.11)
      activesupport (= 3.2.11)
      builder (~> 3.0.0)
      erubis (~> 2.7.0)
      journey (~> 1.0.4)
      rack (~> 1.4.0)
      rack-cache (~> 1.2)
      rack-test (~> 0.6.1)
      sprockets (~> 2.2.1)
    active_utils (1.0.5)
      activesupport (>= 2.3.11)
      i18n
    activemerchant (1.29.3)
      active_utils (>= 1.0.2)
      activesupport (>= 2.3.14)
      builder (>= 2.0.0)
      i18n
      json (>= 1.5.1)
      money
      nokogiri
    activemodel (3.2.11)
      activesupport (= 3.2.11)
      builder (~> 3.0.0)
    activerecord (3.2.11)
      activemodel (= 3.2.11)
      activesupport (= 3.2.11)
      arel (~> 3.0.2)
      tzinfo (~> 0.3.29)
    activeresource (3.2.11)
      activemodel (= 3.2.11)
      activesupport (= 3.2.11)
    activesupport (3.2.11)
      i18n (~> 0.6)
      multi_json (~> 1.0)
    acts_as_list (0.1.4)
    akami (1.2.0)
      gyoku (>= 0.4.0)
      nokogiri (>= 1.4.0)
    arel (3.0.2)
    awesome_nested_set (2.1.5)
      activerecord (>= 3.0.0)
    aws-sdk (1.3.9)
      httparty (~> 0.7)
      json (~> 1.4)
      nokogiri (>= 1.4.4)
      uuidtools (~> 2.1)
    bcrypt-ruby (3.0.1)
    bootstrap-sass (2.2.2.0)
      sass (~> 3.2)
    builder (3.0.4)
    cancan (1.6.8)
    ckeditor (4.0.1)
      mime-types
      orm_adapter
    climate_control (0.0.3)
      activesupport (>= 3.0)
    cocaine (0.5.1)
      climate_control (>= 0.0.3, < 1.0)
    coffee-rails (3.2.2)
      coffee-script (>= 2.2.0)
      railties (~> 3.2.0)
    coffee-script (2.2.0)
      coffee-script-source
      execjs
    coffee-script-source (1.5.0)
    columnize (0.3.6)
    debugger (1.3.3)
      columnize (>= 0.3.1)
      debugger-linecache (~> 1.1.1)
      debugger-ruby_core_source (~> 1.2.0)
    debugger-linecache (1.1.2)
      debugger-ruby_core_source (>= 1.1.1)
    debugger-ruby_core_source (1.2.0)
    deface (0.9.1)
      nokogiri (~> 1.5.0)
      rails (~> 3.1)
    delayed_job (3.0.5)
      activesupport (~> 3.0)
    delayed_job_active_record (0.4.2)
      activerecord (>= 2.1.0, < 4)
      delayed_job (~> 3.0)
    devise (2.2.3)
      bcrypt-ruby (~> 3.0)
      orm_adapter (~> 0.1)
      railties (~> 3.1)
      warden (~> 1.2.1)
    devise-encryptable (0.1.1)
      devise (>= 2.1.0.rc)
    easy_globalize3_accessors (1.2.0)
      globalize3 (~> 0.2.0.beta1)
    erubis (2.7.0)
    execjs (1.4.0)
      multi_json (~> 1.0)
    ffaker (1.12.1)
    formtastic (2.2.1)
      actionpack (>= 3.0)
    globalize3 (0.2.0)
      activemodel (>= 3.0.0)
      activerecord (>= 3.0.0)
      paper_trail (~> 2)
    gyoku (1.0.0)
      builder (>= 2.1.2)
    highline (1.6.11)
    hike (1.2.1)
    httparty (0.8.3)
      multi_json (~> 1.0)
      multi_xml
    httpi (2.0.2)
      rack
    i18n (0.6.4)
    journey (1.0.4)
    jquery-rails (2.2.1)
      railties (>= 3.0, < 5.0)
      thor (>= 0.14, < 2.0)
    json (1.7.7)
    kaminari (0.13.0)
      actionpack (>= 3.0.0)
      activesupport (>= 3.0.0)
      railties (>= 3.0.0)
    mail (2.4.4)
      i18n (>= 0.4.0)
      mime-types (~> 1.16)
      treetop (~> 1.4.8)
    meta_request (0.2.1)
      rack-contrib
      rails
    mime-types (1.21)
    money (5.0.0)
      i18n (~> 0.4)
      json
    multi_json (1.6.1)
    multi_xml (0.5.3)
    mysql2 (0.3.11)
    nokogiri (1.5.6)
    nori (2.0.4)
    orm_adapter (0.4.0)
    paper_trail (2.7.1)
      activerecord (~> 3.0)
      railties (~> 3.0)
    paperclip (2.8.0)
      activerecord (>= 2.3.0)
      activesupport (>= 2.3.2)
      cocaine (>= 0.0.2)
      mime-types
    pg (0.14.1)
    polyamorous (0.5.0)
      activerecord (~> 3.0)
    polyglot (0.3.3)
    rabl (0.7.2)
      activesupport (>= 2.3.14)
      multi_json (~> 1.0)
    rack (1.4.5)
    rack-cache (1.2)
      rack (>= 0.4)
    rack-contrib (1.1.0)
      rack (>= 0.9.1)
    rack-ssl (1.3.3)
      rack
    rack-test (0.6.2)
      rack (>= 1.0)
    rails (3.2.11)
      actionmailer (= 3.2.11)
      actionpack (= 3.2.11)
      activerecord (= 3.2.11)
      activeresource (= 3.2.11)
      activesupport (= 3.2.11)
      bundler (~> 1.0)
      railties (= 3.2.11)
    rails-i18n (0.7.2)
      i18n (~> 0.5)
    railties (3.2.11)
      actionpack (= 3.2.11)
      activesupport (= 3.2.11)
      rack-ssl (~> 1.3.2)
      rake (>= 0.8.7)
      rdoc (~> 3.4)
      thor (>= 0.14.6, < 2.0)
    rake (10.0.3)
    ransack (0.7.2)
      actionpack (~> 3.0)
      activerecord (~> 3.0)
      polyamorous (~> 0.5.0)
    rdoc (3.12.2)
      json (~> 1.4)
    routing-filter (0.3.1)
      actionpack
    sass (3.2.6)
    sass-rails (3.2.6)
      railties (~> 3.2.0)
      sass (>= 3.1.10)
      tilt (~> 1.3)
    savon (2.1.0)
      akami (~> 1.2.0)
      builder (>= 2.1.2)
      gyoku (~> 1.0.0)
      httpi (~> 2.0.2)
      nokogiri (>= 1.4.0)
      nori (~> 2.0.3)
      wasabi (~> 3.0.0)
    select2-rails (3.3.0)
      sass-rails (~> 3.2)
      thor (~> 0.14)
    spree (1.3.1)
      spree_api (= 1.3.1)
      spree_cmd (= 1.3.1)
      spree_core (= 1.3.1)
      spree_dash (= 1.3.1)
      spree_promo (= 1.3.1)
      spree_sample (= 1.3.1)
    spree_api (1.3.1)
      spree_core (= 1.3.1)
      versioncake (= 0.4.0)
    spree_cmd (1.3.1)
      thor (>= 0.14.6)
    spree_core (1.3.1)
      activemerchant (~> 1.29.3)
      acts_as_list (= 0.1.4)
      awesome_nested_set (= 2.1.5)
      aws-sdk (~> 1.3.4)
      cancan (= 1.6.8)
      deface (>= 0.9.0)
      ffaker (~> 1.12.0)
      highline (= 1.6.11)
      jquery-rails (~> 2.0)
      kaminari (= 0.13.0)
      money (= 5.0.0)
      paperclip (~> 2.8)
      rabl (= 0.7.2)
      rails (~> 3.2.10)
      ransack (~> 0.7.2)
      select2-rails (~> 3.2)
      state_machine (= 1.1.2)
      stringex (~> 1.3.2)
    spree_dash (1.3.1)
      httparty (~> 0.8.1)
      spree_core (= 1.3.1)
    spree_promo (1.3.1)
      spree_core (= 1.3.1)
    spree_sample (1.3.1)
      spree_core (= 1.3.1)
    sprockets (2.2.2)
      hike (~> 1.2)
      multi_json (~> 1.0)
      rack (~> 1.0)
      tilt (~> 1.1, != 1.3.0)
    state_machine (1.1.2)
    stringex (1.3.3)
    thor (0.17.0)
    tilt (1.3.4)
    time_diff (0.3.0)
      activesupport
      i18n
    treetop (1.4.12)
      polyglot
      polyglot (>= 0.3.1)
    tzinfo (0.3.35)
    uglifier (1.3.0)
      execjs (>= 0.3.0)
      multi_json (~> 1.0, >= 1.0.2)
    uuidtools (2.1.3)
    versioncake (0.4.0)
      actionpack (>= 3.0)
      activesupport (>= 3.0)
      railties (>= 3.0)
    warden (1.2.1)
      rack (>= 1.0)
    wasabi (3.0.0)
      httpi (~> 2.0)
      nokogiri (>= 1.4.0)

PLATFORMS
  ruby

DEPENDENCIES
  bootstrap-sass (~> 2.2.2.0)
  ckeditor (= 4.0.1)
  coffee-rails (~> 3.2.1)
  debugger
  delayed_job_active_record
  formtastic
  globalize3
  jquery-rails
  meta_request (= 0.2.1)
  mysql2
  paperclip
  pg
  rails (= 3.2.11)
  rails-i18n
  sass-rails (~> 3.2.3)
  spree (= 1.3.1)
  spree_auth_devise!
  spree_available_space!
  spree_booking!
  spree_form_language!
  spree_gateway!
  spree_i18n!
  spree_multi_lingual!
  spree_ordersetting!
  spree_static_content!
  time_diff
  uglifier (>= 1.0.3)
  utf8cleaner!
